GEM
  remote: https://rubygems.org/
  specs:
    serialport (1.4.0)

PLATFORMS
  ruby
  x86_64-linux

DEPENDENCIES
  serialport (~> 1.3)

BUNDLED WITH
   2.6.7
